RESTRICTION: || (== netcoreapp2.0) (== netstandard2.0) (>= net45)
NUGET
  remote: https://www.nuget.org/api/v2
    FSharp.Core (4.3.4)

GROUP Build
NUGET
  remote: https://www.nuget.org/api/v2
    FAKE (4.64.6)
